GEM
  remote: http://rubygems.org/
  specs:
    dotenv (2.2.1)
    eventfulapi (2.2.1)
      mime-types (> 0.0.0)
    mime-types (3.1)
      mime-types-data (~> 3.2015)
    mime-types-data (3.2016.0521)
    rack (1.6.8)
    rack-protection (1.5.3)
      rack
    ruby_http_client (3.2.0)
    sendgrid-ruby (5.1.0)
      ruby_http_client (~> 3.2)
      sinatra (>= 1.4.7, < 3)
    sinatra (1.4.8)
      rack (~> 1.5)
      rack-protection (~> 1.4)
      tilt (>= 1.3, < 3)
    tilt (2.0.8)

PLATFORMS
  ruby

DEPENDENCIES
  dotenv
  eventfulapi
  sendgrid-ruby
  sinatra

BUNDLED WITH
   1.15.4
