GEM
  remote: http://rubygems.org/
  specs:
    addressable (2.3.8)
    eventful_api (0.0.1)
      addressable (~> 2.3.4)
      multi_json (~> 1.5.0)
      oauth (~> 0.3.6)
    multi_json (1.5.1)
    oauth (0.3.6)
      ruby-hmac (>= 0.3.1)
    rack (1.6.8)
    rack-protection (1.5.3)
      rack
    ruby-hmac (0.4.0)
    sinatra (1.4.8)
      rack (~> 1.5)
      rack-protection (~> 1.4)
      tilt (>= 1.3, < 3)
    tilt (2.0.8)

PLATFORMS
  ruby

DEPENDENCIES
  eventful_api
  sinatra

BUNDLED WITH
   1.15.4
